GIT
  remote: https://github.com/celluloid/celluloid-io.git
  revision: 7ce68a55cfcc5bf8d95295cc287d112e082ad509
  specs:
    celluloid-io (0.16.0.pre)
      celluloid (>= 0.16.0.pre)
      nio4r (>= 1.0.0)

GIT
  remote: https://github.com/celluloid/celluloid.git
  revision: 2ff16d6d28f47db0144a08f463f12635979cf6ab
  specs:
    celluloid (0.16.0.pre)
      timers (~> 2.0.0)

GIT
  remote: https://github.com/celluloid/reel.git
  revision: 93cd32c0a1d2a5dff979bf35243d4e043c6743e7
  specs:
    reel (0.5.0.pre)
      celluloid (>= 0.15.1)
      celluloid-io (>= 0.15.0)
      http (>= 0.5.0)
      http_parser.rb (>= 0.6.0)
      websocket_parser (>= 0.1.6)

GIT
  remote: https://github.com/tarcieri/http.git
  revision: 78036f3fb72b5f0b34627494f7adcf2337379c8d
  specs:
    http (0.6.0.pre)
      http_parser.rb (~> 0.6.0)

GEM
  remote: http://rubygems.org/
  specs:
    bouncy-castle-java (1.5.0147)
    domain_name (0.5.16)
      unf (>= 0.0.5, < 1.0.0)
    haml (4.0.5)
      tilt
    hitimes (1.2.1)
    hitimes (1.2.1-java)
    htmlentities (4.3.1)
    http-cookie (1.0.2)
      domain_name (~> 0.5)
    http_parser.rb (0.6.0)
    http_parser.rb (0.6.0-java)
    jruby-openssl (0.9.4)
      bouncy-castle-java (>= 1.5.0147)
    json (1.8.1)
    json (1.8.1-java)
    log4r (1.1.10)
    nesty (1.0.2)
    nio4r (1.0.0)
    nio4r (1.0.0-java)
    tilt (2.0.0)
    timers (2.0.0)
      hitimes
    unf (0.1.3-java)
    websocket_parser (0.1.6)
    yard (0.8.7.3)

PLATFORMS
  java

DEPENDENCIES
  celluloid!
  celluloid-io!
  haml
  htmlentities
  http!
  http-cookie
  jruby-openssl
  json
  log4r
  nesty
  reel!
  yard
