GIT
  remote: https://github.com/celluloid/celluloid-io.git
  revision: 39e7dc8e7a340ccaa0fa09f8dbfdb7fb7fc074c5
  specs:
    celluloid-io (0.16.0.pre)
      celluloid (>= 0.16.0.pre)
      nio4r (>= 1.0.0)

GIT
  remote: https://github.com/celluloid/celluloid.git
  revision: f5edcf9c1130d9dccbb6873e93c845ecbc8a5863
  specs:
    celluloid (0.16.0.pre)
      timers (~> 2.0.0)

GIT
  remote: https://github.com/celluloid/reel.git
  revision: 7b84ac2554a03318bfc6741dc121cb2ab55530fa
  specs:
    reel (0.5.0.pre)
      celluloid (>= 0.15.1)
      celluloid-io (>= 0.15.0)
      http (>= 0.5.0)
      http_parser.rb (>= 0.6.0)
      websocket_parser (>= 0.1.6)

GIT
  remote: https://github.com/tarcieri/http.git
  revision: 834217ff68a6665d7945d2301295eaf57317c724
  specs:
    http (0.6.0.pre)
      http_parser.rb (~> 0.6.0)

GEM
  remote: http://rubygems.org/
  specs:
    bouncy-castle-java (1.5.0147)
    domain_name (0.5.16)
      unf (>= 0.0.5, < 1.0.0)
    ffi (1.9.3-java)
    haml (4.0.5)
      tilt
    hitimes (1.2.1-java)
    htmlentities (4.3.1)
    http-cookie (1.0.2)
      domain_name (~> 0.5)
    http_parser.rb (0.6.0-java)
    jruby-openssl (0.9.4)
      bouncy-castle-java (>= 1.5.0147)
    json (1.8.1-java)
    log4r (1.1.10)
    nesty (1.0.2)
    nio4r (1.0.0-java)
    spoon (0.0.4)
      ffi
    tilt (2.0.0)
    timers (2.0.0)
      hitimes
    unf (0.1.3-java)
    websocket_parser (0.1.6)
    yard (0.8.7.3)

PLATFORMS
  java

DEPENDENCIES
  celluloid!
  celluloid-io!
  haml
  htmlentities
  http!
  http-cookie
  jruby-openssl
  json
  log4r
  nesty
  reel!
  spoon
  yard
